GIT
  remote: https://github.com/DSM51/gem-ihex
  revision: 6e7a34508d909d0d475bd342416353a823bbbad9
  specs:
    ihex (0.0.1)

GEM
  remote: https://rubygems.org/
  specs:
    serialport (1.3.1)
    timeout (0.1.0)

PLATFORMS
  ruby

DEPENDENCIES
  ihex!
  serialport
  timeout

BUNDLED WITH
   2.1.4
